GEM
  remote: https://rubygems.org/
  specs:
    haml (4.0.3)
      tilt
    rack (1.5.2)
    sass (3.2.19)
    tilt (1.4.1)

PLATFORMS
  ruby

DEPENDENCIES
  haml
  rack
  sass
